GEM
  remote: https://rubygems.org/
  specs:
    backports (3.6.6)
    colored (1.2)
    metaclass (0.0.4)
    mocha (1.1.0)
      metaclass (~> 0.0.1)
    power_assert (0.2.4)
    test-unit (3.1.3)
      power_assert

PLATFORMS
  ruby

DEPENDENCIES
  backports
  colored
  mocha
  test-unit
