GEM
  remote: https://rubygems.org/
  specs:
    colored (1.2)
    domain_name (0.5.24)
      unf (>= 0.0.5, < 1.0.0)
    http-cookie (1.0.2)
      domain_name (~> 0.5)
    metaclass (0.0.4)
    mime-types (2.6.1)
    mocha (1.1.0)
      metaclass (~> 0.0.1)
    netrc (0.10.3)
    power_assert (0.2.4)
    rest-client (1.8.0)
      http-cookie (>= 1.0.2, < 2.0)
      mime-types (>= 1.16, < 3.0)
      netrc (~> 0.7)
    test-unit (3.1.3)
      power_assert
    unf (0.1.4)
      unf_ext
    unf_ext (0.0.7.1)

PLATFORMS
  ruby

DEPENDENCIES
  colored
  mocha
  rest-client
  test-unit

BUNDLED WITH
   1.10.6
